GEM
  remote: https://rubygems.org/
  specs:
    dotenv (0.10.0)

PLATFORMS
  ruby

DEPENDENCIES
  dotenv (~> 0.10.0)
